GEM
  remote: https://rubygems.org/
  specs:
    coderay (1.1.3)
    json (2.5.1)
    method_source (1.0.0)
    net-http (0.1.1)
      net-protocol
      uri
    net-protocol (0.1.0)
    open-uri (0.1.0)
    pry (0.14.0)
      coderay (~> 1.1)
      method_source (~> 1.0)
    uri (0.10.1)

PLATFORMS
  x86_64-linux

DEPENDENCIES
  json
  net-http
  open-uri
  pry

BUNDLED WITH
   2.2.10
